GEM
  remote: https://rubygems.org/
  specs:
    activemodel (6.1.3.2)
      activesupport (= 6.1.3.2)
    activesupport (6.1.3.2)
      concurrent-ruby (~> 1.0, >= 1.0.2)
      i18n (>= 1.6, < 2)
      minitest (>= 5.1)
      tzinfo (~> 2.0)
      zeitwerk (~> 2.3)
    addressable (2.8.0)
      public_suffix (>= 2.0.2, < 5.0)
    aes_key_wrap (1.1.0)
    attr_required (1.0.1)
    bindata (2.4.10)
    concurrent-ruby (1.1.8)
    connection_pool (2.2.5)
    cool.io (1.7.1)
    domain_name (0.5.20190701)
      unf (>= 0.0.5, < 1.0.0)
    elasticsearch (7.13.0)
      elasticsearch-api (= 7.13.0)
      elasticsearch-transport (= 7.13.0)
    elasticsearch-api (7.13.0)
      multi_json
    elasticsearch-transport (7.13.0)
      faraday (~> 1)
      multi_json
    excon (0.82.0)
    faraday (1.4.2)
      faraday-em_http (~> 1.0)
      faraday-em_synchrony (~> 1.0)
      faraday-excon (~> 1.1)
      faraday-net_http (~> 1.0)
      faraday-net_http_persistent (~> 1.1)
      multipart-post (>= 1.2, < 3)
      ruby2_keywords (>= 0.0.4)
    faraday-em_http (1.0.0)
    faraday-em_synchrony (1.0.0)
    faraday-excon (1.1.0)
    faraday-net_http (1.0.1)
    faraday-net_http_persistent (1.1.0)
    ffi (1.15.1)
    ffi-compiler (1.0.1)
      ffi (>= 1.0.0)
      rake
    fluent-config-regexp-type (1.0.0)
      fluentd (> 1.0.0, < 2)
    fluent-plugin-concat (2.5.0)
      fluentd (>= 0.14.0, < 2)
    fluent-plugin-detect-exceptions (0.0.13)
      fluentd (>= 0.10)
    fluent-plugin-elasticsearch (4.3.3)
      elasticsearch
      excon
      fluentd (>= 0.14.22)
    fluent-plugin-grok-parser (2.6.2)
      fluentd (>= 0.14.6, < 2)
    fluent-plugin-json-in-json-2 (1.0.2)
      fluentd (>= 0.14.0, < 2)
      yajl-ruby (~> 1.0)
    fluent-plugin-kubernetes_metadata_filter (2.7.0)
      fluentd (>= 0.14.0, < 1.13)
      kubeclient (< 5)
      lru_redux
    fluent-plugin-multi-format-parser (1.0.0)
      fluentd (>= 0.14.0, < 2)
    fluent-plugin-prometheus (1.8.5)
      fluentd (>= 1.9.1, < 2)
      prometheus-client (< 0.10)
    fluent-plugin-record-modifier (2.1.0)
      fluentd (>= 1.0, < 2)
    fluent-plugin-rewrite-tag-filter (2.4.0)
      fluent-config-regexp-type
      fluentd (>= 0.14.2, < 2)
    fluent-plugin-splunk-hec (1.2.5)
      fluentd (>= 1.4)
      multi_json (~> 1.13)
      net-http-persistent (~> 3.1)
      openid_connect (~> 1.1.8)
      prometheus-client (< 0.10.0)
    fluent-plugin-systemd (1.0.4)
      fluentd (>= 0.14.11, < 2)
      systemd-journal (~> 1.4.2)
    fluentd (1.12.3)
      bundler
      cool.io (>= 1.4.5, < 2.0.0)
      http_parser.rb (>= 0.5.1, < 0.7.0)
      msgpack (>= 1.3.1, < 2.0.0)
      serverengine (>= 2.2.2, < 3.0.0)
      sigdump (~> 0.2.2)
      strptime (>= 0.2.2, < 1.0.0)
      tzinfo (>= 1.0, < 3.0)
      tzinfo-data (~> 1.0)
      webrick (>= 1.4.2, < 1.8.0)
      yajl-ruby (~> 1.0)
    http (4.4.1)
      addressable (~> 2.3)
      http-cookie (~> 1.0)
      http-form_data (~> 2.2)
      http-parser (~> 1.2.0)
    http-accept (1.7.0)
    http-cookie (1.0.3)
      domain_name (~> 0.5)
    http-form_data (2.3.0)
    http-parser (1.2.3)
      ffi-compiler (>= 1.0, < 2.0)
    http_parser.rb (0.6.0)
    httpclient (2.8.3)
    i18n (1.8.10)
      concurrent-ruby (~> 1.0)
    json-jwt (1.13.0)
      activesupport (>= 4.2)
      aes_key_wrap
      bindata
    jsonpath (1.1.0)
      multi_json
    kubeclient (4.9.1)
      http (>= 3.0, < 5.0)
      jsonpath (~> 1.0)
      recursive-open-struct (~> 1.1, >= 1.1.1)
      rest-client (~> 2.0)
    lru_redux (1.1.0)
    mail (2.7.1)
      mini_mime (>= 0.1.1)
    mime-types (3.3.1)
      mime-types-data (~> 3.2015)
    mime-types-data (3.2021.0225)
    mini_mime (1.1.0)
    minitest (5.14.4)
    msgpack (1.4.2)
    multi_json (1.15.0)
    multipart-post (2.1.1)
    net-http-persistent (3.1.0)
      connection_pool (~> 2.2)
    netrc (0.11.0)
    oj (3.11.5)
    openid_connect (1.1.8)
      activemodel
      attr_required (>= 1.0.0)
      json-jwt (>= 1.5.0)
      rack-oauth2 (>= 1.6.1)
      swd (>= 1.0.0)
      tzinfo
      validate_email
      validate_url
      webfinger (>= 1.0.1)
    prometheus-client (0.9.0)
      quantile (~> 0.2.1)
    public_suffix (4.0.6)
    quantile (0.2.1)
    rack (2.2.3)
    rack-oauth2 (1.17.0)
      activesupport
      attr_required
      httpclient
      json-jwt (>= 1.11.0)
      rack (>= 2.1.0)
    rake (13.0.3)
    recursive-open-struct (1.1.3)
    rest-client (2.1.0)
      http-accept (>= 1.7.0, < 2.0)
      http-cookie (>= 1.0.2, < 2.0)
      mime-types (>= 1.16, < 4.0)
      netrc (~> 0.8)
    ruby2_keywords (0.0.4)
    serverengine (2.2.4)
      sigdump (~> 0.2.2)
    sigdump (0.2.4)
    strptime (0.2.5)
    swd (1.2.0)
      activesupport (>= 3)
      attr_required (>= 0.0.5)
      httpclient (>= 2.4)
    systemd-journal (1.4.2)
      ffi (~> 1.9)
    tzinfo (2.0.4)
      concurrent-ruby (~> 1.0)
    tzinfo-data (1.2021.1)
      tzinfo (>= 1.0.0)
    unf (0.1.4)
      unf_ext
    unf_ext (0.0.7.7)
    validate_email (0.1.6)
      activemodel (>= 3.0)
      mail (>= 2.2.5)
    validate_url (1.0.13)
      activemodel (>= 3.0.0)
      public_suffix
    webfinger (1.1.0)
      activesupport
      httpclient (>= 2.4)
    webrick (1.7.0)
    yajl-ruby (1.4.1)
    zeitwerk (2.4.2)

PLATFORMS
  x86_64-linux

DEPENDENCIES
  elasticsearch (~> 7.0)
  ffi
  fluent-plugin-concat (~> 2.5.0)
  fluent-plugin-detect-exceptions (~> 0.0.13)
  fluent-plugin-elasticsearch (~> 4.3.3)
  fluent-plugin-grok-parser (~> 2.6.2)
  fluent-plugin-json-in-json-2 (>= 1.0.2)
  fluent-plugin-kubernetes_metadata_filter (~> 2.7.0)
  fluent-plugin-multi-format-parser (~> 1.0.0)
  fluent-plugin-prometheus (~> 1.8.5)
  fluent-plugin-record-modifier (~> 2.1.0)
  fluent-plugin-rewrite-tag-filter (~> 2.4.0)
  fluent-plugin-splunk-hec (~> 1.2.5)
  fluent-plugin-systemd (~> 1.0.4)
  fluentd (= 1.12.3)
  oj (= 3.11.5)

BUNDLED WITH
   2.2.18
